GEM
  remote: https://rubygems.org/
  specs:
    activemodel (4.0.2)
      activesupport (= 4.0.2)
      builder (~> 3.1.0)
    activeresource (4.0.0)
      activemodel (~> 4.0)
      activesupport (~> 4.0)
      rails-observers (~> 0.1.1)
    activesupport (4.0.2)
      i18n (~> 0.6, >= 0.6.4)
      minitest (~> 4.2)
      multi_json (~> 1.3)
      thread_safe (~> 0.1)
      tzinfo (~> 0.3.37)
    atomic (1.1.14)
    awesome_print (1.2.0)
    builder (3.1.4)
    commander (4.1.5)
      highline (~> 1.6.11)
    freesound_ruby (0.2.0)
      activeresource (~> 4.0.0)
    highline (1.6.20)
    httparty (0.12.0)
      json (~> 1.8)
      multi_xml (>= 0.5.2)
    i18n (0.6.9)
    json (1.8.1)
    minitest (4.7.5)
    multi_json (1.8.2)
    multi_xml (0.5.5)
    rails-observers (0.1.2)
      activemodel (~> 4.0)
    thread_safe (0.1.3)
      atomic
    tzinfo (0.3.38)

PLATFORMS
  ruby

DEPENDENCIES
  awesome_print
  commander
  freesound_ruby
  httparty
